GEM
  remote: https://rubygems.org/
  specs:
    ruby-mp3info (0.8.10)
    taglib-ruby (0.7.1)

PLATFORMS
  ruby

DEPENDENCIES
  ruby-mp3info
  taglib-ruby

BUNDLED WITH
   2.2.22
